GEM
  remote: https://rubygems.org/
  specs:
    actioncable (8.0.0)
      actionpack (= 8.0.0)
      activesupport (= 8.0.0)
      nio4r (~> 2.0)
      websocket-driver (>= 0.6.1)
      zeitwerk (~> 2.6)
    actionmailbox (8.0.0)
      actionpack (= 8.0.0)
      activejob (= 8.0.0)
      activerecord (= 8.0.0)
      activestorage (= 8.0.0)
      activesupport (= 8.0.0)
      mail (>= 2.8.0)
    actionmailer (8.0.0)
      actionpack (= 8.0.0)
      actionview (= 8.0.0)
      activejob (= 8.0.0)
      activesupport (= 8.0.0)
      mail (>= 2.8.0)
      rails-dom-testing (~> 2.2)
    actionpack (8.0.0)
      actionview (= 8.0.0)
      activesupport (= 8.0.0)
      nokogiri (>= 1.8.5)
      rack (>= 2.2.4)
      rack-session (>= 1.0.1)
      rack-test (>= 0.6.3)
      rails-dom-testing (~> 2.2)
      rails-html-sanitizer (~> 1.6)
      useragent (~> 0.16)
    actiontext (8.0.0)
      actionpack (= 8.0.0)
      activerecord (= 8.0.0)
      activestorage (= 8.0.0)
      activesupport (= 8.0.0)
      globalid (>= 0.6.0)
      nokogiri (>= 1.8.5)
    actionview (8.0.0)
      activesupport (= 8.0.0)
      builder (~> 3.1)
      erubi (~> 1.11)
      rails-dom-testing (~> 2.2)
      rails-html-sanitizer (~> 1.6)
    activejob (8.0.0)
      activesupport (= 8.0.0)
      globalid (>= 0.3.6)
    activemodel (8.0.0)
      activesupport (= 8.0.0)
    activerecord (8.0.0)
      activemodel (= 8.0.0)
      activesupport (= 8.0.0)
      timeout (>= 0.4.0)
    activestorage (8.0.0)
      actionpack (= 8.0.0)
      activejob (= 8.0.0)
      activerecord (= 8.0.0)
      activesupport (= 8.0.0)
      marcel (~> 1.0)
    activesupport (8.0.0)
      base64
      benchmark (>= 0.3)
      bigdecimal
      concurrent-ruby (~> 1.0, >= 1.3.1)
      connection_pool (>= 2.2.5)
      drb
      i18n (>= 1.6, < 2)
      logger (>= 1.4.2)
      minitest (>= 5.1)
      securerandom (>= 0.3)
      tzinfo (~> 2.0, >= 2.0.5)
      uri (>= 0.13.1)
    base64 (0.2.0)
    bcrypt (3.1.20)
    benchmark (0.4.0)
    bigdecimal (3.1.8)
    bootsnap (1.18.4)
      msgpack (~> 1.2)
    builder (3.3.0)
    byebug (11.1.3)
    cloudinary (2.2.0)
      faraday (>= 2.0.1, < 3.0.0)
      faraday-follow_redirects (~> 0.3.0)
      faraday-multipart (~> 1.0, >= 1.0.4)
      ostruct
    concurrent-ruby (1.3.4)
    connection_pool (2.4.1)
    crass (1.0.6)
    date (3.4.0)
    diff-lcs (1.5.1)
    drb (2.2.1)
    erubi (1.13.0)
    factory_bot (6.5.0)
      activesupport (>= 5.0.0)
    factory_bot_rails (6.4.4)
      factory_bot (~> 6.5)
      railties (>= 5.0.0)
    faraday (2.11.0)
      faraday-net_http (>= 2.0, < 3.4)
      logger
    faraday-follow_redirects (0.3.0)
      faraday (>= 1, < 3)
    faraday-multipart (1.0.4)
      multipart-post (~> 2)
    faraday-net_http (3.3.0)
      net-http
    ffi (1.16.3)
    globalid (1.2.1)
      activesupport (>= 6.1)
    hashie (5.0.0)
    i18n (1.14.6)
      concurrent-ruby (~> 1.0)
    io-console (0.7.2)
    irb (1.14.1)
      rdoc (>= 4.0.0)
      reline (>= 0.4.2)
    jwt (2.9.3)
      base64
    listen (3.9.0)
      rb-fsevent (~> 0.10, >= 0.10.3)
      rb-inotify (~> 0.9, >= 0.9.10)
    logger (1.6.1)
    loofah (2.23.1)
      crass (~> 1.0.2)
      nokogiri (>= 1.12.0)
    mail (2.8.1)
      mini_mime (>= 0.1.1)
      net-imap
      net-pop
      net-smtp
    marcel (1.0.4)
    mini_mime (1.1.5)
    mini_portile2 (2.8.7)
    minitest (5.25.1)
    msgpack (1.7.2)
    multi_xml (0.6.0)
    multipart-post (2.4.1)
    net-http (0.4.1)
      uri
    net-imap (0.5.0)
      date
      net-protocol
    net-pop (0.1.2)
      net-protocol
    net-protocol (0.2.2)
      timeout
    net-smtp (0.5.0)
      net-protocol
    nio4r (2.7.4)
    nokogiri (1.16.7)
      mini_portile2 (~> 2.8.2)
      racc (~> 1.4)
    nokogiri (1.16.7-x86_64-darwin)
      racc (~> 1.4)
    oauth (1.1.0)
      oauth-tty (~> 1.0, >= 1.0.1)
      snaky_hash (~> 2.0)
      version_gem (~> 1.1)
    oauth-tty (1.0.5)
      version_gem (~> 1.1, >= 1.1.1)
    oauth2 (2.0.9)
      faraday (>= 0.17.3, < 3.0)
      jwt (>= 1.0, < 3.0)
      multi_xml (~> 0.5)
      rack (>= 1.2, < 4)
      snaky_hash (~> 2.0)
      version_gem (~> 1.1)
    ostruct (0.6.0)
    pg (1.5.9)
    psych (5.2.0)
      stringio
    puma (6.4.3)
      nio4r (~> 2.0)
    racc (1.8.1)
    rack (3.1.8)
    rack-cors (2.0.2)
      rack (>= 2.0.0)
    rack-session (2.0.0)
      rack (>= 3.0.0)
    rack-test (2.1.0)
      rack (>= 1.3)
    rackup (2.2.0)
      rack (>= 3)
    rails (8.0.0)
      actioncable (= 8.0.0)
      actionmailbox (= 8.0.0)
      actionmailer (= 8.0.0)
      actionpack (= 8.0.0)
      actiontext (= 8.0.0)
      actionview (= 8.0.0)
      activejob (= 8.0.0)
      activemodel (= 8.0.0)
      activerecord (= 8.0.0)
      activestorage (= 8.0.0)
      activesupport (= 8.0.0)
      bundler (>= 1.15.0)
      railties (= 8.0.0)
    rails-dom-testing (2.2.0)
      activesupport (>= 5.0.0)
      minitest
      nokogiri (>= 1.6)
    rails-html-sanitizer (1.6.0)
      loofah (~> 2.21)
      nokogiri (~> 1.14)
    railties (8.0.0)
      actionpack (= 8.0.0)
      activesupport (= 8.0.0)
      irb (~> 1.13)
      rackup (>= 1.0.0)
      rake (>= 12.2)
      thor (~> 1.0, >= 1.2.2)
      zeitwerk (~> 2.6)
    rake (13.2.1)
    rb-fsevent (0.11.2)
    rb-inotify (0.10.1)
      ffi (~> 1.0)
    rdoc (6.7.0)
      psych (>= 4.0.0)
    reline (0.5.11)
      io-console (~> 0.5)
    rspec-core (3.13.1)
      rspec-support (~> 3.13.0)
    rspec-expectations (3.13.2)
      diff-lcs (>= 1.2.0, < 2.0)
      rspec-support (~> 3.13.0)
    rspec-mocks (3.13.1)
      diff-lcs (>= 1.2.0, < 2.0)
      rspec-support (~> 3.13.0)
    rspec-rails (7.0.1)
      actionpack (>= 7.0)
      activesupport (>= 7.0)
      railties (>= 7.0)
      rspec-core (~> 3.13)
      rspec-expectations (~> 3.13)
      rspec-mocks (~> 3.13)
      rspec-support (~> 3.13)
    rspec-support (3.13.1)
    securerandom (0.3.1)
    snaky_hash (2.0.1)
      hashie
      version_gem (~> 1.1, >= 1.1.1)
    sorcery (0.17.0)
      bcrypt (~> 3.1)
      oauth (>= 0.6)
      oauth2 (~> 2.0)
    stringio (3.1.2)
    thor (1.3.2)
    timeout (0.4.2)
    tzinfo (2.0.6)
      concurrent-ruby (~> 1.0)
    uri (0.13.1)
    useragent (0.16.10)
    version_gem (1.1.4)
    websocket-driver (0.7.6)
      websocket-extensions (>= 0.1.0)
    websocket-extensions (0.1.5)
    zeitwerk (2.7.1)

PLATFORMS
  ruby
  x86_64-darwin-20

DEPENDENCIES
  bootsnap
  byebug
  cloudinary
  factory_bot_rails
  jwt
  listen (~> 3.8)
  pg
  puma
  rack-cors
  rails (~> 8.0.0)
  rspec-rails
  sorcery
  tzinfo-data

RUBY VERSION
   ruby 3.3.0p0

BUNDLED WITH
   2.2.3
